GIT
  remote: git://github.com/evendis/userstamp.git
  revision: 777633aa564f8457c999ddb96afa4c5ae18d319f
  specs:
    userstamp (2.0.2)

GIT
  remote: https://github.com/morgz/rails_sql_views.git
  revision: 0c92f229f743bb3f85ff036e4f1745130459830f
  specs:
    rails_sql_views (0.8.0.epublishing)
      activerecord

GEM
  remote: https://rubygems.org/
  specs:
    actionmailer (3.2.3)
      actionpack (= 3.2.3)
      mail (~> 2.4.4)
    actionpack (3.2.3)
      activemodel (= 3.2.3)
      activesupport (= 3.2.3)
      builder (~> 3.0.0)
      erubis (~> 2.7.0)
      journey (~> 1.0.1)
      rack (~> 1.4.0)
      rack-cache (~> 1.2)
      rack-test (~> 0.6.1)
      sprockets (~> 2.1.2)
    activemodel (3.2.3)
      activesupport (= 3.2.3)
      builder (~> 3.0.0)
    activerecord (3.2.3)
      activemodel (= 3.2.3)
      activesupport (= 3.2.3)
      arel (~> 3.0.2)
      tzinfo (~> 0.3.29)
    activeresource (3.2.3)
      activemodel (= 3.2.3)
      activesupport (= 3.2.3)
    activesupport (3.2.3)
      i18n (~> 0.6)
      multi_json (~> 1.0)
    addressable (2.2.7)
    arel (3.0.2)
    backbone-on-rails (0.9.2.0)
      eco (~> 1.0.0)
      ejs (~> 1.0.0)
      jquery-rails
      railties (>= 3.1)
    bcrypt-ruby (3.0.1)
    bootstrap-sass (2.0.2)
    builder (3.0.0)
    capistrano (2.11.2)
      highline
      net-scp (>= 1.0.0)
      net-sftp (>= 2.0.0)
      net-ssh (>= 2.0.14)
      net-ssh-gateway (>= 1.1.0)
    capybara (1.1.2)
      mime-types (>= 1.16)
      nokogiri (>= 1.3.3)
      rack (>= 1.0.0)
      rack-test (>= 0.5.4)
      selenium-webdriver (~> 2.0)
      xpath (~> 0.1.4)
    capybara-webkit (0.11.0)
      capybara (>= 1.0.0, < 1.2)
      json
    childprocess (0.3.1)
      ffi (~> 1.0.6)
    chunky_png (1.2.5)
    citier (0.1.15)
      rails_sql_views
    coderay (1.0.5)
    coffee-rails (3.2.2)
      coffee-script (>= 2.2.0)
      railties (~> 3.2.0)
    coffee-script (2.2.0)
      coffee-script-source
      execjs
    coffee-script-source (1.2.0)
    columnize (0.3.6)
    compass (0.12.1)
      chunky_png (~> 1.2)
      fssm (>= 0.2.7)
      sass (~> 3.1)
    compass-rails (1.0.1)
      compass (~> 0.12.0)
    database_cleaner (0.7.2)
    debugger (1.1.0)
      columnize (>= 0.3.1)
      debugger-linecache (~> 1.1)
      debugger-ruby_core_source (~> 1.1)
    debugger-linecache (1.1.1)
      debugger-ruby_core_source (>= 1.1.1)
    debugger-ruby_core_source (1.1.1)
    declarative_authorization (0.5.5)
    devise (2.0.4)
      bcrypt-ruby (~> 3.0)
      orm_adapter (~> 0.0.3)
      railties (~> 3.1)
      warden (~> 1.1.1)
    diff-lcs (1.1.3)
    eco (1.0.0)
      coffee-script
      eco-source
      execjs
    eco-source (1.1.0.rc.1)
    ejs (1.0.0)
    em-websocket (0.3.6)
      addressable (>= 2.1.1)
      eventmachine (>= 0.12.9)
    erubis (2.7.0)
    eventmachine (0.12.10)
    execjs (1.3.0)
      multi_json (~> 1.0)
    factory_girl (3.0.0)
      activesupport (>= 3.0.0)
    factory_girl_rails (3.0.0)
      factory_girl (~> 3.0.0)
      railties (>= 3.0.0)
    ffi (1.0.11)
    foreman (0.41.0)
      thor (>= 0.13.6)
    fssm (0.2.8.1)
    growl (1.0.3)
    guard (1.0.1)
      ffi (>= 0.5.0)
      thor (~> 0.14.6)
    guard-bundler (0.1.3)
      bundler (>= 1.0.0)
      guard (>= 0.2.2)
    guard-coffeescript (0.5.7)
      coffee-script (>= 2.2.0)
      guard (>= 0.8.3)
    guard-ctags-bundler (0.0.5)
      guard (>= 0.4.0)
    guard-jasmine-headless-webkit (0.3.2)
      guard (>= 0.4.0)
      jasmine-headless-webkit (>= 0.7.0)
    guard-livereload (0.4.2)
      em-websocket (>= 0.2.0)
      guard (>= 0.10.0)
      multi_json (~> 1.0)
    guard-migrate (0.1.0)
      guard (>= 0.2.2)
    guard-rails-assets (0.1.3)
      guard
      rails (>= 3.1.1)
      rake
    guard-rspec (0.7.0)
      guard (>= 0.10.0)
    guard-spork (0.6.0)
      guard (>= 0.10.0)
      spork (>= 0.8.4)
    haml (3.1.4)
    haml-rails (0.3.4)
      actionpack (~> 3.0)
      activesupport (~> 3.0)
      haml (~> 3.0)
      railties (~> 3.0)
    highline (1.6.11)
    hike (1.2.1)
    i18n (0.6.0)
    jasmine (1.1.2)
      jasmine-core (>= 1.1.0)
      rack (>= 1.1)
      rspec (>= 1.3.1)
      selenium-webdriver (>= 0.1.3)
    jasmine-core (1.1.0)
    jasmine-headless-webkit (0.8.4)
      coffee-script
      jasmine-core (~> 1.1)
      multi_json
      rainbow
      sprockets (~> 2)
    jasmine-rails (0.0.3)
      jasmine
      jasmine-headless-webkit
      rails (>= 3.1.0)
    journey (1.0.3)
    jquery-rails (2.0.2)
      railties (>= 3.2.0, < 5.0)
      thor (~> 0.14)
    jquery-ui-rails (0.2.2)
      jquery-rails
      railties (>= 3.1.0)
    json (1.6.6)
    kgio (2.7.4)
    launchy (2.1.0)
      addressable (~> 2.2.6)
    libv8 (3.3.10.4)
    mail (2.4.4)
      i18n (>= 0.4.0)
      mime-types (~> 1.16)
      treetop (~> 1.4.8)
    method_source (0.7.1)
    mime-types (1.18)
    multi_json (1.2.0)
    net-scp (1.0.4)
      net-ssh (>= 1.99.1)
    net-sftp (2.0.5)
      net-ssh (>= 2.0.9)
    net-ssh (2.3.0)
    net-ssh-gateway (1.1.0)
      net-ssh (>= 1.99.1)
    nokogiri (1.5.2)
    orm_adapter (0.0.7)
    pg (0.13.2)
    polyglot (0.3.3)
    pry (0.9.8.4)
      coderay (~> 1.0.5)
      method_source (~> 0.7.1)
      slop (>= 2.4.4, < 3)
    rack (1.4.1)
    rack-cache (1.2)
      rack (>= 0.4)
    rack-ssl (1.3.2)
      rack
    rack-test (0.6.1)
      rack (>= 1.0)
    rails (3.2.3)
      actionmailer (= 3.2.3)
      actionpack (= 3.2.3)
      activerecord (= 3.2.3)
      activeresource (= 3.2.3)
      activesupport (= 3.2.3)
      bundler (~> 1.0)
      railties (= 3.2.3)
    rails-footnotes (3.7.6)
      rails (>= 3.0.0)
    railties (3.2.3)
      actionpack (= 3.2.3)
      activesupport (= 3.2.3)
      rack-ssl (~> 1.3.2)
      rake (>= 0.8.7)
      rdoc (~> 3.4)
      thor (~> 0.14.6)
    rainbow (1.1.3)
    raindrops (0.8.0)
    rake (0.9.2.2)
    rb-fsevent (0.9.0)
    rb-readline (0.4.2)
    rdoc (3.12)
      json (~> 1.4)
    responders (0.9.1)
      railties (~> 3.1)
    rspec (2.9.0)
      rspec-core (~> 2.9.0)
      rspec-expectations (~> 2.9.0)
      rspec-mocks (~> 2.9.0)
    rspec-core (2.9.0)
    rspec-expectations (2.9.1)
      diff-lcs (~> 1.1.3)
    rspec-mocks (2.9.0)
    rspec-rails (2.9.0)
      actionpack (>= 3.0)
      activesupport (>= 3.0)
      railties (>= 3.0)
      rspec (~> 2.9.0)
    rubyzip (0.9.7)
    sass (3.1.15)
    sass-rails (3.2.5)
      railties (~> 3.2.0)
      sass (>= 3.1.10)
      tilt (~> 1.3)
    selenium-webdriver (2.20.0)
      childprocess (>= 0.2.5)
      ffi (~> 1.0)
      multi_json (~> 1.0)
      rubyzip
    simple_form (2.0.1)
      actionpack (~> 3.0)
      activemodel (~> 3.0)
    slop (2.4.4)
    spork (1.0.0rc2)
    spork-rails (3.2.0)
      rails (>= 3.0.0, < 3.3.0)
      spork (>= 1.0rc0)
    sprockets (2.1.2)
      hike (~> 1.2)
      rack (~> 1.0)
      tilt (~> 1.1, != 1.3.0)
    state_machine (1.1.2)
    therubyracer (0.10.1)
      libv8 (~> 3.3.10)
    thor (0.14.6)
    tilt (1.3.3)
    treetop (1.4.10)
      polyglot
      polyglot (>= 0.3.1)
    tzinfo (0.3.33)
    uglifier (1.2.4)
      execjs (>= 0.3.0)
      multi_json (>= 1.0.2)
    unicorn (4.2.1)
      kgio (~> 2.6)
      rack
      raindrops (~> 0.7)
    warden (1.1.1)
      rack (>= 1.0)
    xpath (0.1.4)
      nokogiri (~> 1.3)

PLATFORMS
  ruby

DEPENDENCIES
  backbone-on-rails
  bootstrap-sass
  capistrano
  capybara
  capybara-webkit
  citier
  coffee-rails
  compass-rails
  database_cleaner
  debugger
  declarative_authorization
  devise
  factory_girl_rails
  foreman
  growl
  guard-bundler
  guard-coffeescript
  guard-ctags-bundler
  guard-jasmine-headless-webkit
  guard-livereload
  guard-migrate
  guard-rails-assets
  guard-rspec
  guard-spork
  haml-rails
  jasmine-rails
  jquery-rails
  jquery-ui-rails
  launchy
  pg
  pry
  rails (= 3.2.3)
  rails-footnotes
  rails_sql_views!
  rb-fsevent
  rb-readline
  responders
  rspec-rails
  sass-rails
  simple_form
  spork-rails
  state_machine
  therubyracer
  uglifier (>= 1.0.3)
  unicorn
  userstamp!
